GEM
  remote: https://rubygems.org/
  specs:
    coffee-script (2.2.0)
      coffee-script-source
      execjs
    coffee-script-source (1.6.2)
    directory_watcher (1.4.1)
    execjs (1.4.0)
      multi_json (~> 1.0)
    haml (4.0.1)
      tilt
    multi_json (1.7.1)
    redcarpet (2.2.2)
    sass (3.2.7)
    slop (3.3.2)
    stasis (0.2.0)
      directory_watcher (= 1.4.1)
      slop (= 3.3.2)
      tilt (= 1.3.3)
    tilt (1.3.3)

PLATFORMS
  ruby

DEPENDENCIES
  coffee-script
  haml
  redcarpet
  sass
  stasis
